GEM
  remote: https://rubygems.org/
  specs:
    rack (2.2.3)
    yaframework (0.2.0)
      rack (~> 2.2)

PLATFORMS
  ruby

DEPENDENCIES
  yaframework

BUNDLED WITH
   2.1.4
